PATH
  remote: ../
  specs:
    rulers (0.0.2)
      erubis
      multi_json
      rack

GEM
  remote: https://rubygems.org/
  specs:
    erubis (2.7.0)
    multi_json (1.8.2)
    rack (1.5.2)

PLATFORMS
  ruby

DEPENDENCIES
  rulers!
